PATH
  remote: .
  specs:
    toneloc (0.0.1)
      apfel
      fastercsv

GEM
  remote: https://rubygems.org/
  specs:
    apfel (0.0.4)
    fastercsv (1.5.5)
    rake (10.0.3)

PLATFORMS
  ruby

DEPENDENCIES
  bundler (~> 1.3)
  rake (= 10.0.3)
  toneloc!
